GEM
  remote: https://rubygems.org/
  specs:
    cpf_cnpj (0.5.0)
    os (1.1.0)

PLATFORMS
  x64-mingw32

DEPENDENCIES
  cpf_cnpj (~> 0.5.0)
  os

BUNDLED WITH
   2.1.4
